PATH
  remote: .
  specs:
    mms2r (3.9.2)
      exifr (>= 1.0.3)
      json (>= 1.6.0)
      mail (>= 2.4.0)
      nokogiri (>= 1.5.0)
      rake

GEM
  remote: https://rubygems.org/
  specs:
    exifr (1.1.3)
    json (1.8.3)
    mail (2.6.3)
      mime-types (>= 1.16, < 3)
    metaclass (0.0.1)
    mime-types (2.6.1)
    mocha (0.13.0)
      metaclass (~> 0.0.1)
    multi_json (1.3.7)
    nokogiri (1.5.5)
    rake (10.0.1)
    rdoc (3.12)
      json (~> 1.4)
    simplecov (0.7.1)
      multi_json (~> 1.0)
      simplecov-html (~> 0.7.1)
    simplecov-html (0.7.1)
    test-unit (2.5.2)

PLATFORMS
  ruby

DEPENDENCIES
  mms2r!
  mocha
  rdoc
  simplecov
  test-unit
