GEM
  remote: http://rubygems.org/
  specs:
    exifr (1.1.1)
    gemcutter (0.7.0)
    hoe (2.12.3)
      rake (~> 0.8)
    i18n (0.6.0)
    json_pure (1.6.1)
    mail (2.3.0)
      i18n (>= 0.4.0)
      mime-types (~> 1.16)
      treetop (~> 1.4.8)
    metaclass (0.0.1)
    mime-types (1.17.2)
    mocha (0.10.0)
      metaclass (~> 0.0.1)
    nokogiri (1.5.0)
    polyglot (0.3.2)
    rake (0.9.2.2)
    rcov (0.9.11)
    rubyforge (2.0.4)
      json_pure (>= 1.1.7)
    test-unit (2.4.0)
    treetop (1.4.10)
      polyglot
      polyglot (>= 0.3.1)
    uuidtools (2.1.2)

PLATFORMS
  ruby

DEPENDENCIES
  exifr
  gemcutter
  hoe
  mail
  mocha
  nokogiri
  rcov
  rubyforge
  test-unit
  uuidtools
